PATH
  remote: .
  specs:
    ssl_expiry (1.0.4)
      net-http-persistent (~> 4)
      openssl (~> 3)

GEM
  remote: https://rubygems.org/
  specs:
    connection_pool (2.2.5)
    diff-lcs (1.5.0)
    net-http-persistent (4.0.1)
      connection_pool (~> 2.2)
    openssl (3.0.0)
    rake (13.2.1)
    rspec (3.11.0)
      rspec-core (~> 3.11.0)
      rspec-expectations (~> 3.11.0)
      rspec-mocks (~> 3.11.0)
    rspec-core (3.11.0)
      rspec-support (~> 3.11.0)
    rspec-expectations (3.11.0)
      diff-lcs (>= 1.2.0, < 2.0)
      rspec-support (~> 3.11.0)
    rspec-mocks (3.11.1)
      diff-lcs (>= 1.2.0, < 2.0)
      rspec-support (~> 3.11.0)
    rspec-support (3.11.0)

PLATFORMS
  x86_64-darwin-21

DEPENDENCIES
  bundler (>= 1.17, < 3.0)
  net-http-persistent (~> 4)
  openssl (~> 3)
  rake (~> 13.2)
  rspec (~> 3.0)
  ssl_expiry!

BUNDLED WITH
   2.3.20
